PATH
  remote: ../bitcoin-client
  specs:
    bitcoin-client (0.0.4)
      rest-client

GEM
  remote: http://rubygems.org/
  specs:
    coffee-script (2.4.1)
      coffee-script-source
      execjs
    coffee-script-source (1.12.2)
    domain_name (0.5.20180417)
      unf (>= 0.0.5, < 1.0.0)
    execjs (2.7.0)
    haml (5.0.4)
      temple (>= 0.8.0)
      tilt
    hashie (3.6.0)
    http-cookie (1.0.3)
      domain_name (~> 0.5)
    mime-types (3.2.2)
      mime-types-data (~> 3.2015)
    mime-types-data (3.2018.0812)
    netrc (0.11.0)
    puma (3.12.0)
    rack (2.0.6)
    redis (4.0.3)
    rest-client (2.0.2)
      http-cookie (>= 1.0.2, < 2.0)
      mime-types (>= 1.16, < 4.0)
      netrc (~> 0.8)
    roda (3.14.0)
      rack
    temple (0.8.0)
    tilt (2.0.8)
    unf (0.1.4)
      unf_ext
    unf_ext (0.0.7.5)

PLATFORMS
  ruby

DEPENDENCIES
  bitcoin-client!
  coffee-script
  haml
  hashie
  puma
  redis
  roda

BUNDLED WITH
   1.16.6
